GIT
  remote: git@5.135.50.214:cms-gem-attributes-bridge.git
  revision: 9df407c29cc05505fd5a5109f72679e0251fc7b6
  specs:
    visibleo_locomotivecms (0.0.1)

GIT
  remote: git@5.135.50.214:cms-local-mounter-engine.git
  revision: d16500db21256269fed9fa62ec1ed08f5c826dd9
  specs:
    locomotivecms_mounter (1.4.0)
      RedCloth (~> 4.2.3)
      activesupport (~> 3.2.15)
      chronic (~> 0.10.2)
      coffee-script (~> 2.2.0)
      colorize (~> 0.5.8)
      compass (~> 0.12.2)
      haml (~> 4.0.3)
      httmultiparty (= 0.3.10)
      i18n (~> 0.6.0)
      json (~> 1.8.0)
      less (~> 2.2.1)
      logger
      mime-types (~> 1.19)
      multi_json (~> 1.7.3)
      sass (~> 3.2.12)
      sprockets (~> 2.0)
      sprockets-sass
      stringex (~> 2.0.3)
      tilt (= 1.4.1)
      tzinfo (~> 0.3.29)
      zip (~> 2.0.2)

GIT
  remote: git@5.135.50.214:cms-local-wagon-engine.git
  revision: 7c979395e8e5d40a5e5323fa1924ee962c4e6c5a
  specs:
    locomotivecms_wagon (1.4.0)
      RedCloth (~> 4.2.8)
      activesupport (~> 3.2.11)
      better_errors (~> 1.0.1)
      dragonfly (~> 0.9.12)
      faker (~> 0.9.5)
      httmultiparty (= 0.3.10)
      listen (~> 2.4.0)
      locomotivecms-solid (~> 0.2.2.1)
      rack-cache (~> 1.1)
      redcarpet (~> 3.0.0)
      rubyzip (~> 1.1.0)
      sprockets (~> 2.0)
      sprockets-sass (~> 1.0.1)
      thin (~> 1.6.1)
      thor
      will_paginate (~> 3.0.3)

GEM
  remote: https://rubygems.org/
  specs:
    RedCloth (4.2.9)
    activesupport (3.2.19)
      i18n (~> 0.6, >= 0.6.4)
      multi_json (~> 1.0)
    better_errors (1.0.1)
      coderay (>= 1.0.0)
      erubis (>= 2.6.6)
    celluloid (0.15.2)
      timers (~> 1.1.0)
    chronic (0.10.2)
    chunky_png (1.3.1)
    coderay (1.1.0)
    coffee-script (2.2.0)
      coffee-script-source
      execjs
    coffee-script-source (1.7.1)
    colorize (0.5.8)
    commonjs (0.2.7)
    compass (0.12.7)
      chunky_png (~> 1.2)
      fssm (>= 0.2.7)
      sass (~> 3.2.19)
    daemons (1.1.9)
    dragonfly (0.9.15)
      multi_json (~> 1.0)
      rack
    erubis (2.7.0)
    eventmachine (1.0.3)
    execjs (2.2.1)
    faker (0.9.5)
      i18n (~> 0.4)
    ffi (1.9.3)
    fssm (0.2.10)
    haml (4.0.5)
      tilt
    hike (1.2.3)
    httmultiparty (0.3.10)
      httparty (>= 0.7.3)
      multipart-post
    httparty (0.13.1)
      json (~> 1.8)
      multi_xml (>= 0.5.2)
    i18n (0.6.11)
    json (1.8.1)
    less (2.2.2)
      commonjs (~> 0.2.6)
    libv8 (3.16.14.3)
    listen (2.4.1)
      celluloid (>= 0.15.2)
      rb-fsevent (>= 0.9.3)
      rb-inotify (>= 0.9)
    locomotivecms-liquid (2.6.0)
    locomotivecms-solid (0.2.2.1)
      locomotivecms-liquid (~> 2.6.0)
    logger (1.2.8)
    mime-types (1.25.1)
    multi_json (1.7.9)
    multi_xml (0.5.5)
    multipart-post (2.0.0)
    rack (1.5.2)
    rack-cache (1.2)
      rack (>= 0.4)
    rb-fsevent (0.9.4)
    rb-inotify (0.9.5)
      ffi (>= 0.5.0)
    redcarpet (3.0.0)
    ref (1.0.5)
    rubyzip (1.1.6)
    sass (3.2.19)
    sprockets (2.12.1)
      hike (~> 1.2)
      multi_json (~> 1.0)
      rack (~> 1.0)
      tilt (~> 1.1, != 1.3.0)
    sprockets-sass (1.0.3)
      sprockets (~> 2.0)
      tilt (~> 1.1)
    stringex (2.0.11)
    therubyracer (0.12.1)
      libv8 (~> 3.16.14.0)
      ref
    thin (1.6.2)
      daemons (>= 1.0.9)
      eventmachine (>= 1.0.0)
      rack (>= 1.0.0)
    thor (0.19.1)
    tilt (1.4.1)
    timers (1.1.0)
    tzinfo (0.3.41)
    wdm (0.1.0)
    will_paginate (3.0.7)
    zip (2.0.2)

PLATFORMS
  ruby

DEPENDENCIES
  locomotivecms_mounter!
  locomotivecms_wagon!
  rb-fsevent (~> 0.9.1)
  rb-inotify (~> 0.9)
  therubyracer
  visibleo_locomotivecms!
  wdm (>= 0.1.0)
